GEM
  remote: https://rubygems.org/
  specs:
    date (3.3.3)
    mini_portile2 (2.8.1)
    nokogiri (1.14.3)
      mini_portile2 (~> 2.8.0)
      racc (~> 1.4)
    open-uri (0.3.0)
      stringio
      time
      uri
    racc (1.6.2)
    stringio (3.0.5)
    time (0.2.2)
      date
    uri (0.12.1)

PLATFORMS
  ruby

DEPENDENCIES
  nokogiri
  open-uri
